GEM
  remote: https://rubygems.org/
  specs:
    citrus (3.0.2)
    dotenv (2.2.1)
    rake (12.0.0)
    sqlite3 (1.3.13)
    toml-rb (1.0.0)
      citrus (~> 3.0, > 3.0)

PLATFORMS
  ruby

DEPENDENCIES
  dotenv
  rake
  sqlite3
  toml-rb

BUNDLED WITH
   1.15.2
