GEM
  remote: https://rubygems.org/
  specs:
    citrus (3.0.2)
    dotenv (2.1.1)
    rake (12.0.0)
    sqlite3 (1.3.12)
    toml-rb (0.3.15)
      citrus (~> 3.0, > 3.0)

PLATFORMS
  ruby

DEPENDENCIES
  dotenv
  rake
  sqlite3
  toml-rb

BUNDLED WITH
   1.12.5
