GEM
  remote: https://rubygems.org/
  specs:
    citrus (3.0.2)
    dotenv (2.7.5)
    rake (13.0.0)
    sqlite3 (1.4.1)
    toml-rb (2.0.0)
      citrus (~> 3.0, > 3.0)

PLATFORMS
  ruby

DEPENDENCIES
  dotenv
  rake
  sqlite3
  toml-rb

BUNDLED WITH
   1.17.3
